GEM
  remote: https://rubygems.org/
  specs:
    asdf (0.5.0)
      rack (~> 1.2.1)
    rack (1.2.8)

PLATFORMS
  ruby

DEPENDENCIES
  asdf

BUNDLED WITH
   1.17.2
